GEM
  remote: https://rubygems.org/
  specs:
    colorize (0.8.1)
    fileutils (1.6.0)

PLATFORMS
  ruby

DEPENDENCIES
  colorize
  fileutils

BUNDLED WITH
   2.1.4
